GEM
  remote: https://rubygems.org/
  specs:
    libv8 (3.16.14.15)
    rake (11.3.0)
    ref (2.0.0)
    sass (3.4.22)
    therubyracer (0.12.2)
      libv8 (~> 3.16.14.0)
      ref

PLATFORMS
  ruby

DEPENDENCIES
  rake
  sass
  therubyracer

BUNDLED WITH
   1.13.2
